GEM
  remote: https://rubygems.org/
  specs:
    debase (0.2.4.1)
      debase-ruby_core_source (>= 0.10.2)
    debase-ruby_core_source (0.10.7)
    kgio (2.11.2)
    mustermann (1.0.3)
    rack (2.0.7)
    rack-protection (2.0.7)
      rack
    raindrops (0.19.0)
    rake (13.0.1)
    ruby-debug-ide (0.7.0)
      rake (>= 0.8.1)
    sinatra (2.0.7)
      mustermann (~> 1.0)
      rack (~> 2.0)
      rack-protection (= 2.0.7)
      tilt (~> 2.0)
    tilt (2.0.10)
    unicorn (5.5.1)
      kgio (~> 2.6)
      raindrops (~> 0.7)

PLATFORMS
  ruby

DEPENDENCIES
  debase
  ruby-debug-ide
  sinatra (~> 2.0.7)
  unicorn (~> 5.5.1)

BUNDLED WITH
   2.0.2
